GEM
  remote: http://rubygems.org/
  specs:
    actionmailer (3.2.8)
      actionpack (= 3.2.8)
      mail (~> 2.4.4)
    actionpack (3.2.8)
      activemodel (= 3.2.8)
      activesupport (= 3.2.8)
      builder (~> 3.0.0)
      erubis (~> 2.7.0)
      journey (~> 1.0.4)
      rack (~> 1.4.0)
      rack-cache (~> 1.2)
      rack-test (~> 0.6.1)
      sprockets (~> 2.1.3)
    activemodel (3.2.8)
      activesupport (= 3.2.8)
      builder (~> 3.0.0)
    activerecord (3.2.8)
      activemodel (= 3.2.8)
      activesupport (= 3.2.8)
      arel (~> 3.0.2)
      tzinfo (~> 0.3.29)
    activeresource (3.2.8)
      activemodel (= 3.2.8)
      activesupport (= 3.2.8)
    activesupport (3.2.8)
      i18n (~> 0.6)
      multi_json (~> 1.0)
    ansi (1.4.3)
    arel (3.0.2)
    bcrypt-ruby (3.0.1)
    bson (1.5.1)
    bson_ext (1.5.1)
    builder (3.0.0)
    cancan (1.6.8)
    coderay (1.0.7)
    coffee-rails (3.2.2)
      coffee-script (>= 2.2.0)
      railties (~> 3.2.0)
    coffee-script (2.2.0)
      coffee-script-source
      execjs
    coffee-script-source (1.3.3)
    configatron (2.9.1)
      yamler (>= 0.1.0)
    cover_me (1.2.0)
      configatron
      hashie
    devise (2.0.4)
      bcrypt-ruby (~> 3.0)
      orm_adapter (~> 0.0.3)
      railties (~> 3.1)
      warden (~> 1.1.1)
    erubis (2.7.0)
    execjs (1.4.0)
      multi_json (~> 1.0)
    factory_girl (2.6.3)
      activesupport (>= 2.3.9)
    foreman (0.53.0)
      thor (>= 0.13.6)
    formtastic (2.2.1)
      actionpack (>= 3.0)
    hashie (1.2.0)
    health-data-standards (1.0.1)
      builder (~> 3.0.0)
      erubis (~> 2.6)
      mongoid (~> 2.4.2)
      nokogiri (>= 1.4.4)
      uuid (~> 2.3.4)
    hike (1.2.1)
    i18n (0.6.0)
    journey (1.0.4)
    jquery-rails (1.0.19)
      railties (~> 3.0)
      thor (~> 0.14)
    json (1.4.6)
    kaminari (0.13.0)
      actionpack (>= 3.0.0)
      activesupport (>= 3.0.0)
      railties (>= 3.0.0)
    kgio (2.7.4)
    libv8 (3.11.8.3)
    macaddr (1.6.1)
      systemu (~> 2.5.0)
    mail (2.4.4)
      i18n (>= 0.4.0)
      mime-types (~> 1.16)
      treetop (~> 1.4.8)
    metaclass (0.0.1)
    method_source (0.8)
    mime-types (1.19)
    minitest (3.3.0)
    mocha (0.12.1)
      metaclass (~> 0.0.1)
    mongo (1.5.1)
      bson (= 1.5.1)
    mongoid (2.4.10)
      activemodel (~> 3.1)
      mongo (~> 1.3)
      tzinfo (~> 0.3.22)
    multi_json (1.3.6)
    nokogiri (1.5.5)
    orm_adapter (0.0.7)
    polyglot (0.3.3)
    pry (0.9.10)
      coderay (~> 1.0.5)
      method_source (~> 0.8)
      slop (~> 3.3.1)
    quality-measure-engine (1.1.5)
      mongo (~> 1.3)
      nokogiri (>= 1.4.4)
      redis (~> 2.2.2)
      resque (~> 1.15.0)
      resque-status (~> 0.2.3)
      rubyzip (~> 0.9.4)
    rack (1.4.1)
    rack-cache (1.2)
      rack (>= 0.4)
    rack-mount (0.8.3)
      rack (>= 1.0.0)
    rack-protection (1.2.0)
      rack
    rack-ssl (1.3.2)
      rack
    rack-test (0.6.1)
      rack (>= 1.0)
    rails (3.2.8)
      actionmailer (= 3.2.8)
      actionpack (= 3.2.8)
      activerecord (= 3.2.8)
      activeresource (= 3.2.8)
      activesupport (= 3.2.8)
      bundler (~> 1.0)
      railties (= 3.2.8)
    railties (3.2.8)
      actionpack (= 3.2.8)
      activesupport (= 3.2.8)
      rack-ssl (~> 1.3.2)
      rake (>= 0.8.7)
      rdoc (~> 3.4)
      thor (>= 0.14.6, < 2.0)
    raindrops (0.10.0)
    rake (0.9.2.2)
    rdoc (3.12)
      json (~> 1.4)
    redis (2.2.2)
    redis-namespace (1.1.0)
      redis (< 3.0.0)
    redisk (0.2.2)
      redis (>= 0.1.1)
      redis-namespace (>= 0.1.0)
    ref (1.0.0)
    resque (1.15.0)
      json (~> 1.4.6)
      redis-namespace (>= 0.10.0)
      sinatra (>= 0.9.2)
      vegas (~> 0.1.2)
    resque-status (0.2.4)
      redisk (>= 0.2.1)
      resque (>= 1.3.1)
      uuid (>= 2.0.2)
    rubyzip (0.9.9)
    sass (3.2.1)
    sass-rails (3.2.5)
      railties (~> 3.2.0)
      sass (>= 3.1.10)
      tilt (~> 1.3)
    sinatra (1.3.0)
      rack (~> 1.3)
      rack-protection (~> 1.1)
      tilt (~> 1.3)
    slop (3.3.3)
    sprockets (2.1.3)
      hike (~> 1.2)
      rack (~> 1.0)
      tilt (~> 1.1, != 1.3.0)
    systemu (2.5.2)
    therubyracer (0.11.0beta8)
      ref
    thor (0.14.6)
    tilt (1.3.3)
    treetop (1.4.10)
      polyglot
      polyglot (>= 0.3.1)
    turn (0.9.6)
      ansi
    tzinfo (0.3.33)
    uglifier (1.2.6)
      execjs (>= 0.3.0)
      multi_json (~> 1.3)
    unicorn (4.3.1)
      kgio (~> 2.6)
      rack
      raindrops (~> 0.7)
    uuid (2.3.5)
      macaddr (~> 1.0)
    vegas (0.1.11)
      rack (>= 1.0.0)
    warden (1.1.1)
      rack (>= 1.0)
    will_paginate (3.0.3)
    yamler (0.1.0)

PLATFORMS
  ruby

DEPENDENCIES
  actionmailer (= 3.2.8)
  actionpack (= 3.2.8)
  activemodel (= 3.2.8)
  activerecord (= 3.2.8)
  activeresource (= 3.2.8)
  activesupport (= 3.2.8)
  ansi (= 1.4.3)
  arel (= 3.0.2)
  bcrypt-ruby (= 3.0.1)
  bson (= 1.5.1)
  bson_ext (= 1.5.1)
  builder (= 3.0.0)
  cancan (= 1.6.8)
  coderay (= 1.0.7)
  coffee-rails (= 3.2.2)
  coffee-script (= 2.2.0)
  coffee-script-source (= 1.3.3)
  configatron (= 2.9.1)
  cover_me (= 1.2.0)
  devise (= 2.0.4)
  erubis (= 2.7.0)
  execjs (= 1.4.0)
  factory_girl (= 2.6.3)
  foreman (= 0.53.0)
  formtastic (= 2.2.1)
  hashie (= 1.2.0)
  health-data-standards (= 1.0.1)
  hike (= 1.2.1)
  i18n (= 0.6.0)
  jquery-rails (= 1.0.19)
  json (= 1.4.6)
  kaminari (= 0.13.0)
  kgio (= 2.7.4)
  libv8 (~> 3.11.8.3)
  macaddr (= 1.6.1)
  mail (= 2.4.4)
  metaclass (= 0.0.1)
  method_source (= 0.8)
  mime-types (= 1.19)
  minitest (= 3.3.0)
  mocha (= 0.12.1)
  mongo (= 1.5.1)
  mongoid (= 2.4.10)
  multi_json (= 1.3.6)
  nokogiri (= 1.5.5)
  orm_adapter (= 0.0.7)
  polyglot (= 0.3.3)
  pry (= 0.9.10)
  quality-measure-engine (= 1.1.5)
  rack (= 1.4.1)
  rack-cache (= 1.2)
  rack-mount (= 0.8.3)
  rack-protection (= 1.2.0)
  rack-ssl (= 1.3.2)
  rack-test (= 0.6.1)
  rails (= 3.2.8)
  railties (= 3.2.8)
  raindrops (= 0.10.0)
  rake (= 0.9.2.2)
  rdoc (= 3.12)
  redis (= 2.2.2)
  redis-namespace (= 1.1.0)
  redisk (= 0.2.2)
  resque (= 1.15.0)
  resque-status (= 0.2.4)
  rubyzip (= 0.9.9)
  sass (= 3.2.1)
  sass-rails (= 3.2.5)
  sinatra (= 1.3.0)
  slop (= 3.3.3)
  sprockets (= 2.1.3)
  systemu (= 2.5.2)
  therubyracer (~> 0.11.0beta5)
  thor (= 0.14.6)
  tilt (= 1.3.3)
  treetop (= 1.4.10)
  turn (= 0.9.6)
  tzinfo (= 0.3.33)
  uglifier (= 1.2.6)
  unicorn (= 4.3.1)
  uuid (= 2.3.5)
  vegas (= 0.1.11)
  warden (= 1.1.1)
  will_paginate (= 3.0.3)
  win32-eventlog
  yamler (= 0.1.0)
